GEM
  remote: https://rubygems.org/
  specs:
    debase (0.2.4.1)
      debase-ruby_core_source (>= 0.10.2)
    debase-ruby_core_source (3.2.0)
    language_server-protocol (3.17.0.3)
    prettier_print (1.2.0)
    rake (13.0.6)
    rexml (3.2.5)
    ruby-debug-ide (0.7.2)
      rake (>= 0.8.1)
    ruby-lsp (0.3.8)
      language_server-protocol (~> 3.17.0)
      sorbet-runtime
      syntax_tree (>= 5.0.0, < 6)
    sorbet-runtime (0.5.10647)
    syntax_tree (5.3.0)
      prettier_print (>= 1.2.0)

PLATFORMS
  arm64-darwin-21
  ruby

DEPENDENCIES
  debase
  rexml
  ruby-debug-ide
  ruby-lsp (~> 0.3.8)

BUNDLED WITH
   2.2.32
